GEM
  remote: https://rubygems.org/
  specs:
    addressable (2.3.8)
    autoprefixer-rails (5.2.0)
      execjs
      json
    backports (3.6.4)
    bootstrap-sass (3.3.4.1)
      autoprefixer-rails (>= 5.0.0.1)
      sass (>= 3.2.19)
    daemons (1.2.2)
    em-websocket (0.3.8)
      addressable (>= 2.1.1)
      eventmachine (>= 0.12.9)
    eventmachine (1.0.7)
    execjs (2.5.2)
    ffi (1.9.8)
    ffi (1.9.8-java)
    haml (4.0.6)
      tilt
    json (1.8.3)
    json (1.8.3-java)
    multi_json (1.11.0)
    pocketsphinx-ruby (0.3.0)
      ffi (>= 1.9)
    rack (1.6.1)
    rack-protection (1.5.3)
      rack
    rack-test (0.6.3)
      rack (>= 1.0)
    ruby-libsamplerate (0.0.1)
      ffi
    sass (3.4.14)
    sinatra (1.4.6)
      rack (~> 1.4)
      rack-protection (~> 1.4)
      tilt (>= 1.3, < 3)
    sinatra-contrib (1.4.4)
      backports (>= 2.0)
      multi_json
      rack-protection
      rack-test
      sinatra (~> 1.4.0)
      tilt (>= 1.3, < 3)
    sinatra-websocket (0.3.1)
      em-websocket (~> 0.3.6)
      eventmachine
      thin (>= 1.3.1, < 2.0.0)
    thin (1.6.3)
      daemons (~> 1.0, >= 1.0.9)
      eventmachine (~> 1.0)
      rack (~> 1.0)
    tilt (2.0.1)

PLATFORMS
  java
  ruby

DEPENDENCIES
  bootstrap-sass
  haml
  pocketsphinx-ruby
  ruby-libsamplerate
  sass
  sinatra
  sinatra-contrib
  sinatra-websocket

BUNDLED WITH
   1.10.4
