GIT
  remote: https://github.com/igrigorik/em-websocket.git
  revision: b8142915b09d84e79b06548a1468e42bf64439b3
  ref: b8142915b09d84e79b06548a1468e42bf64439b3
  specs:
    em-websocket (0.5.1)
      eventmachine (>= 0.12.9)
      http_parser.rb (~> 0.6.0)

GEM
  remote: https://rubygems.org/
  specs:
    autoprefixer-rails (5.2.0)
      execjs
      json
    backports (3.6.4)
    bootstrap-sass (3.3.4.1)
      autoprefixer-rails (>= 5.0.0.1)
      sass (>= 3.2.19)
    eventmachine (1.0.7)
    eventmachine (1.0.7-java)
    execjs (2.5.2)
    ffi (1.9.8)
    ffi (1.9.8-java)
    haml (4.0.6)
      tilt
    http_parser.rb (0.6.0)
    http_parser.rb (0.6.0-java)
    json (1.8.3)
    json (1.8.3-java)
    multi_json (1.11.0)
    pocketsphinx-ruby (0.3.0)
      ffi (>= 1.9)
    rack (1.6.1)
    rack-protection (1.5.3)
      rack
    rack-test (0.6.3)
      rack (>= 1.0)
    sass (3.4.14)
    sinatra (1.4.6)
      rack (~> 1.4)
      rack-protection (~> 1.4)
      tilt (>= 1.3, < 3)
    sinatra-contrib (1.4.4)
      backports (>= 2.0)
      multi_json
      rack-protection
      rack-test
      sinatra (~> 1.4.0)
      tilt (>= 1.3, < 3)
    tilt (2.0.1)

PLATFORMS
  java
  ruby

DEPENDENCIES
  bootstrap-sass
  em-websocket!
  haml
  pocketsphinx-ruby
  sass
  sinatra
  sinatra-contrib

BUNDLED WITH
   1.10.4
